GEM
  remote: https://rubygems.org/
  specs:
<<<<<<< HEAD
    activesupport (5.1.5)
      concurrent-ruby (~> 1.0, >= 1.0.2)
      i18n (~> 0.7)
      minitest (~> 5.1)
      tzinfo (~> 1.1)
    coderay (1.1.2)
    concurrent-ruby (1.0.5)
    i18n (0.9.5)
      concurrent-ruby (~> 1.0)
    method_source (0.9.0)
    minitest (5.11.3)
=======
    coderay (1.1.2)
    method_source (0.9.0)
>>>>>>> 79e0dfc69b22c115052107be29a58a147378bb37
    pry (0.11.3)
      coderay (~> 1.1.0)
      method_source (~> 0.9.0)
    sqlite3 (1.3.13)
<<<<<<< HEAD
    thread_safe (0.3.6)
    tzinfo (1.2.5)
      thread_safe (~> 0.1)
=======
>>>>>>> 79e0dfc69b22c115052107be29a58a147378bb37

PLATFORMS
  ruby

DEPENDENCIES
<<<<<<< HEAD
  activesupport (~> 5.0)
=======
>>>>>>> 79e0dfc69b22c115052107be29a58a147378bb37
  pry
  sqlite3

BUNDLED WITH
   1.16.1
